PATH
  remote: .
  specs:
    share_some_love (0.0.3)
      bundler
      octokit

GEM
  remote: http://rubygems.org/
  specs:
    addressable (2.3.4)
    faraday (0.8.7)
      multipart-post (~> 1.1)
    faraday_middleware (0.9.0)
      faraday (>= 0.7.4, < 0.9)
    hashie (2.0.5)
    multi_json (1.7.6)
    multipart-post (1.2.0)
    netrc (0.7.7)
    octokit (1.24.0)
      addressable (~> 2.2)
      faraday (~> 0.8)
      faraday_middleware (~> 0.9)
      hashie (~> 2.0)
      multi_json (~> 1.3)
      netrc (~> 0.7.7)

PLATFORMS
  ruby

DEPENDENCIES
  share_some_love!
